GEM
  remote: https://rubygems.org/
  specs:
    activemodel (4.2.2)
      activesupport (= 4.2.2)
      builder (~> 3.1)
    activesupport (4.2.2)
      i18n (~> 0.7)
      json (~> 1.7, >= 1.7.7)
      minitest (~> 5.1)
      thread_safe (~> 0.3, >= 0.3.4)
      tzinfo (~> 1.1)
    bson (3.1.0)
    bson (3.1.0-java)
    builder (3.2.2)
    connection_pool (2.2.0)
    eventmachine (1.0.7)
    eventmachine (1.0.7-java)
    faye-websocket (0.9.2)
      eventmachine (>= 0.12.0)
      websocket-driver (>= 0.5.1)
    haml (4.0.6)
      tilt
    hike (1.2.3)
    i18n (0.7.0)
    json (1.8.3)
    json (1.8.3-java)
    minitest (5.7.0)
    mongoid (4.0.2)
      activemodel (~> 4.0)
      moped (~> 2.0.0)
      origin (~> 2.1)
      tzinfo (>= 0.3.37)
    mongoid-autoinc (4.0.0)
      mongoid (~> 4.0)
    moped (2.0.6)
      bson (~> 3.0)
      connection_pool (~> 2.0)
      optionable (~> 0.2.0)
    multi_json (1.11.1)
    opal (0.6.3)
      source_map
      sprockets
    opal-browser (0.2.0.beta1)
      opal (~> 0.6.0)
      paggio
    optionable (0.2.0)
    origin (2.1.1)
    paggio (0.2.4)
    permessage_deflate (0.1.1)
    puma (2.11.3)
      rack (>= 1.1, < 2.0)
    puma (2.11.3-java)
      rack (>= 1.1, < 2.0)
    rack (1.6.2)
    rack-protection (1.5.3)
      rack
    require_all (1.3.2)
    rufus-scheduler (3.1.2)
    sinatra (1.4.6)
      rack (~> 1.4)
      rack-protection (~> 1.4)
      tilt (>= 1.3, < 3)
    sinatra-session (1.0.0)
      sinatra (>= 1.0)
    source_map (3.0.1)
      json
    sprockets (2.12.3)
      hike (~> 1.2)
      multi_json (~> 1.0)
      rack (~> 1.0)
      tilt (~> 1.1, != 1.3.0)
    thread_safe (0.3.5)
    thread_safe (0.3.5-java)
    tilt (1.4.1)
    tzinfo (1.2.2)
      thread_safe (~> 0.1)
    unobservable (0.11.0)
    websocket-driver (0.5.4)
      websocket-extensions (>= 0.1.0)
    websocket-driver (0.5.4-java)
      websocket-extensions (>= 0.1.0)
    websocket-extensions (0.1.2)

PLATFORMS
  java
  x86-mingw32

DEPENDENCIES
  eventmachine
  faye-websocket
  haml
  mongoid
  mongoid-autoinc
  opal
  opal-browser (~> 0.2.0.beta1)
  permessage_deflate
  puma
  require_all
  rufus-scheduler
  sinatra
  sinatra-session
  thread_safe
  unobservable
  websocket-extensions

BUNDLED WITH
   1.10.6
