GEM
  remote: https://rubygems.org/
  specs:
    activemodel (4.2.8)
      activesupport (= 4.2.8)
      builder (~> 3.1)
    activesupport (4.2.8)
      i18n (~> 0.7)
      minitest (~> 5.1)
      thread_safe (~> 0.3, >= 0.3.4)
      tzinfo (~> 1.1)
    bson (3.2.6)
    bson (3.2.6-java)
    builder (3.2.3)
    coderay (1.1.1)
    concurrent-ruby (1.0.5)
    concurrent-ruby (1.0.5-java)
    connection_pool (2.2.1)
    cucumber (2.4.0)
      builder (>= 2.1.2)
      cucumber-core (~> 1.5.0)
      cucumber-wire (~> 0.0.1)
      diff-lcs (>= 1.1.3)
      gherkin (~> 4.0)
      multi_json (>= 1.7.5, < 2.0)
      multi_test (>= 0.1.2)
    cucumber-core (1.5.0)
      gherkin (~> 4.0)
    cucumber-wire (0.0.1)
    diff-lcs (1.3)
    docile (1.1.5)
    eventmachine (1.2.3)
    eventmachine (1.2.3-java)
    eventmachine (1.2.3-x86-mingw32)
    faye-websocket (0.10.7)
      eventmachine (>= 0.12.0)
      websocket-driver (>= 0.5.1)
    ffi (1.9.18-java)
    gherkin (4.1.1)
    haml (4.0.7)
      tilt
    hike (1.2.3)
    i18n (0.8.1)
    json (2.0.3)
    json (2.0.3-java)
    method_source (0.8.2)
    minitest (5.10.1)
    mongoid (4.0.2)
      activemodel (~> 4.0)
      moped (~> 2.0.0)
      origin (~> 2.1)
      tzinfo (>= 0.3.37)
    mongoid-autoinc (4.0.0)
      mongoid (~> 4.0)
    moped (2.0.7)
      bson (~> 3.0)
      connection_pool (~> 2.0)
      optionable (~> 0.2.0)
    multi_json (1.12.1)
    multi_test (0.1.2)
    opal (0.10.3)
      hike (~> 1.2)
      sourcemap (~> 0.1.0)
      sprockets (~> 3.1)
      tilt (>= 1.4)
    opal-browser (0.2.0)
      opal
      paggio
    optionable (0.2.0)
    origin (2.3.0)
    paggio (0.2.6)
    permessage_deflate (0.1.3)
    pry (0.10.4)
      coderay (~> 1.1.0)
      method_source (~> 0.8.1)
      slop (~> 3.4)
    pry (0.10.4-java)
      coderay (~> 1.1.0)
      method_source (~> 0.8.1)
      slop (~> 3.4)
      spoon (~> 0.0)
    puma (3.8.2)
    puma (3.8.2-java)
    rack (1.6.5)
    rack-protection (1.5.3)
      rack
    require_all (1.4.0)
    rufus-scheduler (3.3.4)
      tzinfo
    simplecov (0.14.0)
      docile (~> 1.1.0)
      json (>= 1.8, < 3)
      simplecov-html (~> 0.10.0)
    simplecov-html (0.10.0)
    simplecov-json (0.2)
      json
      simplecov
    simplecov-rcov (0.2.3)
      simplecov (>= 0.4.1)
    sinatra (1.4.8)
      rack (~> 1.5)
      rack-protection (~> 1.4)
      tilt (>= 1.3, < 3)
    sinatra-session (1.0.0)
      sinatra (>= 1.0)
    slop (3.6.0)
    sourcemap (0.1.1)
    spoon (0.0.6)
      ffi
    sprockets (3.7.1)
      concurrent-ruby (~> 1.0)
      rack (> 1, < 3)
    thread_safe (0.3.6)
    thread_safe (0.3.6-java)
    tilt (2.0.6)
    tzinfo (1.2.11)
      thread_safe (~> 0.1)
    unobservable (0.11.0)
    websocket-driver (0.6.5)
      websocket-extensions (>= 0.1.0)
    websocket-driver (0.6.5-java)
      websocket-extensions (>= 0.1.0)
    websocket-extensions (0.1.2)

PLATFORMS
  java
  ruby
  x86-mingw32

DEPENDENCIES
  cucumber
  eventmachine
  faye-websocket
  haml
  mongoid (~> 4)
  mongoid-autoinc
  opal
  opal-browser
  permessage_deflate
  pry
  puma
  require_all
  rufus-scheduler
  simplecov
  simplecov-json
  simplecov-rcov
  sinatra
  sinatra-session
  thread_safe
  unobservable
  websocket-extensions

BUNDLED WITH
   1.14.5
